GIT
  remote: git://github.com/sferik/rails_admin.git
  revision: f01e25de39a7fa5293d92cdef6e89c871d3f90b1
  specs:
    rails_admin (0.0.1)
      builder (~> 2.1.0)
      rails (~> 3.0.6.rc1)

GEM
  remote: http://rubygems.org/
  specs:
    abstract (1.0.0)
    actionmailer (3.0.6.rc1)
      actionpack (= 3.0.6.rc1)
      mail (~> 2.2.15)
    actionpack (3.0.6.rc1)
      activemodel (= 3.0.6.rc1)
      activesupport (= 3.0.6.rc1)
      builder (~> 2.1.2)
      erubis (~> 2.6.6)
      i18n (~> 0.5.0)
      rack (~> 1.2.1)
      rack-mount (~> 0.6.14)
      rack-test (~> 0.5.7)
      tzinfo (~> 0.3.23)
    activemodel (3.0.6.rc1)
      activesupport (= 3.0.6.rc1)
      builder (~> 2.1.2)
      i18n (~> 0.5.0)
    activerecord (3.0.6.rc1)
      activemodel (= 3.0.6.rc1)
      activesupport (= 3.0.6.rc1)
      arel (~> 2.0.2)
      tzinfo (~> 0.3.23)
    activeresource (3.0.6.rc1)
      activemodel (= 3.0.6.rc1)
      activesupport (= 3.0.6.rc1)
    activesupport (3.0.6.rc1)
    arel (2.0.9)
    bcrypt-ruby (2.1.4)
    builder (2.1.2)
    compass (0.10.6)
      haml (>= 3.0.4)
    devise (1.2.1)
      bcrypt-ruby (~> 2.1.2)
      orm_adapter (~> 0.0.3)
      warden (~> 1.0.3)
    erubis (2.6.6)
      abstract (>= 1.0.0)
    fancy-buttons (1.0.6)
      compass (= 0.10.6)
    haml (3.0.25)
    i18n (0.5.0)
    mail (2.2.15)
      activesupport (>= 2.3.6)
      i18n (>= 0.4.0)
      mime-types (~> 1.16)
      treetop (~> 1.4.8)
    mime-types (1.16)
    orm_adapter (0.0.4)
    polyglot (0.3.1)
    rack (1.2.2)
    rack-mount (0.6.14)
      rack (>= 1.0.0)
    rack-test (0.5.7)
      rack (>= 1.0)
    rails (3.0.6.rc1)
      actionmailer (= 3.0.6.rc1)
      actionpack (= 3.0.6.rc1)
      activerecord (= 3.0.6.rc1)
      activeresource (= 3.0.6.rc1)
      activesupport (= 3.0.6.rc1)
      bundler (~> 1.0)
      railties (= 3.0.6.rc1)
    railties (3.0.6.rc1)
      actionpack (= 3.0.6.rc1)
      activesupport (= 3.0.6.rc1)
      rake (>= 0.8.7)
      thor (~> 0.14.4)
    rake (0.8.7)
    sqlite3 (1.3.3)
    sqlite3-ruby (1.3.3)
      sqlite3 (>= 1.3.3)
    thor (0.14.6)
    treetop (1.4.9)
      polyglot (>= 0.3.1)
    tzinfo (0.3.25)
    warden (1.0.3)
      rack (>= 1.0.0)

PLATFORMS
  ruby

DEPENDENCIES
  compass (>= 0.10.6)
  devise
  fancy-buttons
  haml
  rails (= 3.0.6rc1)
  rails_admin!
  sqlite3-ruby
